PATH
  remote: .
  specs:
    sub_seek_ql (0.1.0)

GEM
  remote: https://rubygems.org/
  specs:
    rake (12.3.3)

PLATFORMS
  ruby

DEPENDENCIES
  rake (~> 12.0)
  sub_seek_ql!

BUNDLED WITH
   2.1.4
